GIT
  remote: https://github.com/chef/chef-server
  revision: 0c6371ff4aa7fa957cbe2b5501d97529a09c1534
  specs:
    oc-chef-pedant (2.2.0)
      activesupport (>= 4.2.7.1, < 6.0)
      erubis (~> 2.7)
      mixlib-authentication (> 1.4, < 3.0)
      mixlib-config (~> 2.0)
      mixlib-shellout (>= 1.1)
      net-http-spy (~> 0.2)
      rest-client (>= 1.6)
      rspec (~> 3.2)
      rspec-rerun (~> 1.0)
      rspec_junit_formatter (~> 0.2)

GIT
  remote: https://github.com/chef/github-changelog-generator
  revision: 7ab4953b47598dccf10e106058673c1592b8f9bf
  specs:
    github_changelog_generator (1.14.2)
      activesupport
      faraday-http-cache
      multi_json
      octokit (~> 4.6)
      rainbow (>= 2.1)
      rake (>= 10.0)
      retriable (>= 1.4)

GIT
  remote: https://github.com/rubysec/bundler-audit.git
  revision: b84d88f76c4d656421c1d810c9760b0fdea5d13a
  specs:
    bundler-audit (0.6.0)
      bundler (~> 1.2)
      thor (~> 0.18)

PATH
  remote: .
  specs:
    chef (12.22.5)
      addressable
      bundler (>= 1.10)
      chef-config (= 12.22.5)
      chef-zero (>= 4.8, < 13)
      diff-lcs (~> 1.2, >= 1.2.4)
      erubis (~> 2.7)
      ffi-yajl (~> 2.2)
      highline (~> 1.6, >= 1.6.9)
      iniparse (~> 1.4)
      mixlib-archive (~> 0.4)
      mixlib-authentication (~> 1.4)
      mixlib-cli (~> 1.7)
      mixlib-log (~> 1.3)
      mixlib-shellout (~> 2.0)
      net-sftp (~> 2.1, >= 2.1.2)
      net-ssh (>= 2.9, < 5.0)
      net-ssh-multi (~> 1.2, >= 1.2.1)
      ohai (>= 8.6.0.alpha.1, < 13)
      plist (~> 3.2)
      proxifier (~> 1.0)
      rspec-core (~> 3.5)
      rspec-expectations (~> 3.5)
      rspec-mocks (~> 3.5)
      rspec_junit_formatter (~> 0.2.0)
      serverspec (~> 2.7)
      specinfra (~> 2.10)
      syslog-logger (~> 1.6)
      uuidtools (~> 2.1.5)

PATH
  remote: chef-config
  specs:
    chef-config (12.22.5)
      addressable
      fuzzyurl
      mixlib-config (~> 2.0)
      mixlib-shellout (~> 2.0)

GEM
  remote: https://rubygems.org/
  specs:
    activesupport (5.2.0)
      concurrent-ruby (~> 1.0, >= 1.0.2)
      i18n (>= 0.7, < 2)
      minitest (~> 5.1)
      tzinfo (~> 1.1)
    addressable (2.4.0)
    appbundler (0.11.6)
      mixlib-cli (~> 1.4)
      mixlib-shellout (~> 2.0)
    ast (2.4.0)
    awesome_print (1.8.0)
    aws-sdk (2.11.96)
      aws-sdk-resources (= 2.11.96)
    aws-sdk-core (2.11.96)
      aws-sigv4 (~> 1.0)
      jmespath (~> 1.0)
    aws-sdk-resources (2.11.96)
      aws-sdk-core (= 2.11.96)
    aws-sigv4 (1.0.3)
    backports (3.11.3)
    binding_of_caller (0.8.0)
      debug_inspector (>= 0.0.1)
    builder (3.2.3)
    byebug (10.0.2)
    chef-api (0.8.0)
      logify (~> 0.1)
      mime-types
    chef-provisioning (2.7.1)
      cheffish (>= 4.0, < 15.0)
      inifile (>= 2.0.2)
      mixlib-install (>= 1.0)
      net-scp (~> 1.0)
      net-ssh (>= 2.9, < 5.0)
      net-ssh-gateway (> 1.2, < 3.0)
      winrm (~> 2.0)
      winrm-elevated (~> 1.0)
      winrm-fs (~> 1.0)
    chef-sugar (4.0.0)
    chef-zero (5.3.2)
      ffi-yajl (~> 2.2)
      hashie (>= 2.0, < 4.0)
      mixlib-log (~> 1.3)
      rack (~> 2.0)
      uuidtools (~> 2.1)
    cheffish (5.0.1)
      chef-zero (~> 5.0)
      net-ssh
    chefspec (7.2.1)
      chef (>= 12.14.89)
      fauxhai (>= 4)
      rspec (~> 3.0)
    chefstyle (0.5.0)
      rubocop (= 0.47.1)
    codeclimate-test-reporter (1.0.7)
      simplecov
    codecov (0.1.10)
      json
      simplecov
      url
    coderay (1.1.2)
    concurrent-ruby (1.0.5)
    cucumber (3.1.2)
      builder (>= 2.1.2)
      cucumber-core (~> 3.2.0)
      cucumber-expressions (~> 6.0.1)
      cucumber-wire (~> 0.0.1)
      diff-lcs (~> 1.3)
      gherkin (~> 5.1.0)
      multi_json (>= 1.7.5, < 2.0)
      multi_test (>= 0.1.2)
    cucumber-core (3.2.0)
      backports (>= 3.8.0)
      cucumber-tag_expressions (~> 1.1.0)
      gherkin (>= 5.0.0)
    cucumber-expressions (6.0.1)
    cucumber-tag_expressions (1.1.1)
    cucumber-wire (0.0.1)
    debug_inspector (0.0.3)
    diff-lcs (1.3)
    docile (1.3.1)
    domain_name (0.5.20180417)
      unf (>= 0.0.5, < 1.0.0)
    erubis (2.7.0)
    ethon (0.11.0)
      ffi (>= 1.3.0)
    excon (0.62.0)
    faraday (0.15.2)
      multipart-post (>= 1.2, < 3)
    faraday-http-cache (2.0.0)
      faraday (~> 0.8)
    faraday_middleware (0.12.2)
      faraday (>= 0.7.4, < 1.0)
    fauxhai (6.5.0)
      net-ssh
    ffi (1.9.25)
    ffi-yajl (2.3.1)
      libyajl2 (~> 1.2)
    foodcritic (13.1.1)
      cucumber-core (>= 1.3)
      erubis
      ffi-yajl (~> 2.0)
      nokogiri (>= 1.5, < 2.0)
      rake
      rufus-lru (~> 1.0)
      treetop (~> 1.4)
    fuubar (2.3.1)
      rspec-core (~> 3.0)
      ruby-progressbar (~> 1.4)
    fuzzyurl (0.9.0)
    gh (0.15.1)
      addressable (~> 2.4.0)
      backports
      faraday (~> 0.8)
      multi_json (~> 1.0)
      net-http-persistent (~> 2.9)
      net-http-pipeline
    gherkin (5.1.0)
    git (1.4.0)
    gssapi (1.2.0)
      ffi (>= 1.0.1)
    gyoku (1.3.1)
      builder (>= 2.1.2)
    halite (1.8.1)
      bundler
      chef (>= 12.0, < 15)
      stove (~> 5.0)
      thor
    hashie (3.5.7)
    highline (1.7.10)
    hirb (0.7.3)
    http-cookie (1.0.3)
      domain_name (~> 0.5)
    httpclient (2.8.3)
    i18n (1.0.1)
      concurrent-ruby (~> 1.0)
    inifile (3.0.0)
    iniparse (1.4.4)
    ipaddress (0.8.3)
    jmespath (1.4.0)
    json (2.1.0)
    kitchen-docker (2.7.0)
      test-kitchen (>= 1.0.0)
    kitchen-ec2 (1.4.0)
      aws-sdk (~> 2)
      excon
      multi_json
      retryable (~> 2.0)
      test-kitchen (~> 1.4, >= 1.4.1)
    kitchen-sync (2.2.1)
      net-sftp
      test-kitchen (>= 1.0.0)
    kitchen-vagrant (1.3.2)
      test-kitchen (~> 1.4)
    knife-windows (1.9.1)
      winrm (~> 2.1)
      winrm-elevated (~> 1.0)
    launchy (2.4.3)
      addressable (~> 2.3)
    libyajl2 (1.2.0)
    little-plugger (1.1.4)
    logging (2.2.2)
      little-plugger (~> 1.1)
      multi_json (~> 1.10)
    logify (0.2.0)
    method_source (0.9.0)
    mime-types (3.1)
      mime-types-data (~> 3.2015)
    mime-types-data (3.2016.0521)
    mini_portile2 (2.1.0)
    minitest (5.11.3)
    mixlib-archive (0.4.8)
      mixlib-log
    mixlib-authentication (1.4.2)
    mixlib-cli (1.7.0)
    mixlib-config (2.2.13)
      tomlrb
    mixlib-install (3.11.2)
      mixlib-shellout
      mixlib-versioning
      thor
    mixlib-log (1.7.1)
    mixlib-shellout (2.4.0)
    mixlib-versioning (1.2.2)
    multi_json (1.13.1)
    multi_test (0.1.2)
    multipart-post (2.0.0)
    net-http-persistent (2.9.4)
    net-http-pipeline (1.0.1)
    net-http-spy (0.2.1)
    net-scp (1.2.1)
      net-ssh (>= 2.6.5)
    net-sftp (2.1.2)
      net-ssh (>= 2.6.5)
    net-ssh (4.2.0)
    net-ssh-gateway (1.3.0)
      net-ssh (>= 2.6.5)
    net-ssh-multi (1.2.1)
      net-ssh (>= 2.6.5)
      net-ssh-gateway (>= 1.2.0)
    net-telnet (0.2.0)
    netrc (0.11.0)
    nokogiri (1.7.2)
      mini_portile2 (~> 2.1.0)
    nori (2.6.0)
    octokit (4.9.0)
      sawyer (~> 0.8.0, >= 0.5.3)
    ohai (8.26.1)
      chef-config (>= 12.5.0.alpha.1, < 14)
      ffi (~> 1.9)
      ffi-yajl (~> 2.2)
      ipaddress
      mixlib-cli
      mixlib-config (~> 2.0)
      mixlib-log (>= 1.7.1, < 2.0)
      mixlib-shellout (~> 2.0)
      plist (~> 3.1)
      systemu (~> 2.6.4)
      wmi-lite (~> 1.0)
    paint (2.0.1)
    parser (2.5.1.2)
      ast (~> 2.4.0)
    plist (3.4.0)
    poise (2.8.2)
      chef (>= 12.14, < 15)
      halite (~> 1.0)
    poise-boiler (1.18.1)
      awesome_print
      bundler
      chefspec (>= 5, < 8)
      codeclimate-test-reporter (~> 1.0)
      codecov (~> 0.0, >= 0.0.2)
      foodcritic (>= 7, < 14)
      fuubar (~> 2.0)
      git (~> 1.2)
      halite (~> 1.6)
      hirb
      kitchen-docker (>= 2.6.0.rc.0)
      kitchen-ec2 (~> 1.0)
      kitchen-sync (~> 2.1)
      kitchen-vagrant
      mixlib-shellout (>= 1.4, < 3.0)
      poise-profiler (~> 1.0)
      pry
      pry-byebug
      rake (>= 10.4, < 13)
      rspec (~> 3.2)
      rspec-its (~> 1.2)
      simplecov (~> 0.9)
      test-kitchen (~> 1.21, >= 1.21.1)
      travis (~> 1.8, >= 1.8.1)
      vagrant-wrapper
      winrm (>= 1.6, < 3)
      winrm-fs (>= 0.4, < 2)
      wirb
      yard (~> 0.8)
      yard-classmethods (~> 1.0)
    poise-profiler (1.1.0)
      halite (~> 1.0)
    polyglot (0.3.5)
    powerpack (0.1.2)
    proxifier (1.0.3)
    pry (0.11.3)
      coderay (~> 1.1.0)
      method_source (~> 0.9.0)
    pry-byebug (3.6.0)
      byebug (~> 10.0)
      pry (~> 0.10)
    pry-remote (0.1.8)
      pry (~> 0.9)
      slop (~> 3.0)
    pry-stack_explorer (0.4.9.2)
      binding_of_caller (>= 0.7)
      pry (>= 0.9.11)
    pusher-client (0.6.2)
      json
      websocket (~> 1.0)
    rack (2.0.5)
    rainbow (2.2.2)
      rake
    rake (12.3.1)
    rb-readline (0.5.5)
    rest-client (2.0.2)
      http-cookie (>= 1.0.2, < 2.0)
      mime-types (>= 1.16, < 4.0)
      netrc (~> 0.8)
    retriable (3.1.2)
    retryable (2.0.4)
    rspec (3.7.0)
      rspec-core (~> 3.7.0)
      rspec-expectations (~> 3.7.0)
      rspec-mocks (~> 3.7.0)
    rspec-core (3.7.1)
      rspec-support (~> 3.7.0)
    rspec-expectations (3.7.0)
      diff-lcs (>= 1.2.0, < 2.0)
      rspec-support (~> 3.7.0)
    rspec-its (1.2.0)
      rspec-core (>= 3.0.0)
      rspec-expectations (>= 3.0.0)
    rspec-mocks (3.7.0)
      diff-lcs (>= 1.2.0, < 2.0)
      rspec-support (~> 3.7.0)
    rspec-rerun (1.1.0)
      rspec (~> 3.0)
    rspec-support (3.7.1)
    rspec_junit_formatter (0.2.3)
      builder (< 4)
      rspec-core (>= 2, < 4, != 2.12.0)
    rubocop (0.47.1)
      parser (>= 2.3.3.1, < 3.0)
      powerpack (~> 0.1)
      rainbow (>= 1.99.1, < 3.0)
      ruby-progressbar (~> 1.7)
      unicode-display_width (~> 1.0, >= 1.0.1)
    ruby-prof (0.17.0)
    ruby-progressbar (1.9.0)
    ruby-shadow (2.5.0)
    rubyntlm (0.6.2)
    rubyzip (1.2.1)
    rufus-lru (1.1.0)
    sawyer (0.8.1)
      addressable (>= 2.3.5, < 2.6)
      faraday (~> 0.8, < 1.0)
    serverspec (2.41.3)
      multi_json
      rspec (~> 3.0)
      rspec-its
      specinfra (~> 2.72)
    sfl (2.3)
    simplecov (0.16.1)
      docile (~> 1.1)
      json (>= 1.8, < 3)
      simplecov-html (~> 0.10.0)
    simplecov-html (0.10.2)
    slop (3.6.0)
    specinfra (2.75.0)
      net-scp
      net-ssh (>= 2.7)
      net-telnet
      sfl
    stove (5.2.0)
      chef-api (~> 0.5)
      logify (~> 0.2)
    syslog-logger (1.6.8)
    systemu (2.6.5)
    test-kitchen (1.22.0)
      mixlib-install (~> 3.6)
      mixlib-shellout (>= 1.2, < 3.0)
      net-scp (~> 1.1)
      net-ssh (>= 2.9, < 5.0)
      net-ssh-gateway (~> 1.2)
      thor (~> 0.19)
      winrm (~> 2.0)
      winrm-elevated (~> 1.0)
      winrm-fs (~> 1.1)
    thor (0.20.0)
    thread_safe (0.3.6)
    tomlrb (1.2.7)
    travis (1.8.8)
      backports
      faraday (~> 0.9)
      faraday_middleware (~> 0.9, >= 0.9.1)
      gh (~> 0.13)
      highline (~> 1.6)
      launchy (~> 2.1)
      pusher-client (~> 0.4)
      typhoeus (~> 0.6, >= 0.6.8)
    treetop (1.6.10)
      polyglot (~> 0.3)
    typhoeus (0.8.0)
      ethon (>= 0.8.0)
    tzinfo (1.2.5)
      thread_safe (~> 0.1)
    unf (0.1.4)
      unf_ext
    unf_ext (0.0.7.5)
    unicode-display_width (1.4.0)
    url (0.3.2)
    uuidtools (2.1.5)
    vagrant-wrapper (2.0.3)
    websocket (1.2.8)
    winrm (2.2.3)
      builder (>= 2.1.2)
      erubis (~> 2.7)
      gssapi (~> 1.2)
      gyoku (~> 1.0)
      httpclient (~> 2.2, >= 2.2.0.2)
      logging (>= 1.6.1, < 3.0)
      nori (~> 2.0)
      rubyntlm (~> 0.6.0, >= 0.6.1)
    winrm-elevated (1.1.0)
      winrm (~> 2.0)
      winrm-fs (~> 1.0)
    winrm-fs (1.2.0)
      erubis (~> 2.7)
      logging (>= 1.6.1, < 3.0)
      rubyzip (~> 1.1)
      winrm (~> 2.0)
    wirb (2.1.2)
      paint (>= 0.9, < 3.0)
    wmi-lite (1.0.0)
    yard (0.9.15)
    yard-classmethods (1.0.0)
      yard

PLATFORMS
  ruby

DEPENDENCIES
  appbundler
  bundler
  bundler-audit!
  chef!
  chef-config!
  chef-provisioning
  chef-sugar
  cheffish
  chefspec
  chefstyle (= 0.5.0)
  cucumber (>= 2.4.0)
  foodcritic
  github_changelog_generator!
  halite
  knife-windows
  mixlib-install
  netrc
  nokogiri (~> 1.7.2)
  oc-chef-pedant!
  octokit
  poise
  poise-boiler
  pry
  pry-byebug
  pry-remote
  pry-stack_explorer
  rake
  rb-readline
  ruby-prof
  ruby-shadow
  simplecov
  tomlrb
  travis
  yard

BUNDLED WITH
   1.16.3
